PATH
  remote: .
  specs:
    cow_proxy (0.1.2)

GEM
  remote: https://rubygems.org/
  specs:
    byebug (9.0.6)
    codeclimate-test-reporter (1.0.7)
      simplecov
    docile (1.1.5)
    ice_nine (0.11.2)
    json (2.0.3)
    minitest (5.10.1)
    rake (12.0.0)
    simplecov (0.13.0)
      docile (~> 1.1.0)
      json (>= 1.8, < 3)
      simplecov-html (~> 0.10.0)
    simplecov-html (0.10.0)

PLATFORMS
  ruby

DEPENDENCIES
  byebug
  codeclimate-test-reporter
  cow_proxy!
  ice_nine
  minitest
  rake
  simplecov

BUNDLED WITH
   1.14.6
