PATH
  remote: .
  specs:
    cow_proxy (0.3.0)

GEM
  remote: https://rubygems.org/
  specs:
    byebug (11.0.1)
    codeclimate-test-reporter (1.0.7)
      simplecov
    docile (1.3.1)
    ice_nine (0.11.2)
    json (2.2.0)
    minitest (5.11.3)
    rake (12.3.2)
    simplecov (0.16.1)
      docile (~> 1.1)
      json (>= 1.8, < 3)
      simplecov-html (~> 0.10.0)
    simplecov-html (0.10.2)

PLATFORMS
  ruby

DEPENDENCIES
  byebug
  codeclimate-test-reporter
  cow_proxy!
  ice_nine
  minitest
  rake
  simplecov

BUNDLED WITH
   1.17.3
